PATH
  remote: ./handler_gems/
  specs:
    lita-kevinbot (0.1)
      lita (~> 2.0)
      nokogiri

GEM
  remote: https://rubygems.org/
  specs:
    daemons (1.1.9)
    eventmachine (1.0.3)
    faraday (0.9.0)
      multipart-post (>= 1.2, < 3)
    lita (2.7.2)
      bundler (>= 1.3)
      faraday (>= 0.8.7)
      multi_json (>= 1.7.7)
      rack (>= 1.5.2)
      redis-namespace (>= 1.3.0)
      thin (>= 1.5.1)
      thor (>= 0.18.1)
    lita-slack (0.1.0)
      faraday (>= 0.8.7)
      lita (~> 2.7)
      lita-slack-handler (~> 0.2)
    lita-slack-handler (0.2.0)
      lita (~> 2.7)
    mini_portile (0.6.0)
    multi_json (1.10.1)
    multipart-post (2.0.0)
    nokogiri (1.6.3.1)
      mini_portile (= 0.6.0)
    rack (1.5.2)
    redis (3.1.0)
    redis-namespace (1.5.0)
      redis (~> 3.0, >= 3.0.4)
    thin (1.6.2)
      daemons (>= 1.0.9)
      eventmachine (>= 1.0.0)
      rack (>= 1.0.0)
    thor (0.19.1)

PLATFORMS
  ruby

DEPENDENCIES
  lita
  lita-kevinbot (= 0.1)!
  lita-slack
  lita-slack-handler
