PATH
  remote: ./handler_gems/
  specs:
    lita-kevinbot (0.1)
      lita (~> 2.0)
      nokogiri

GEM
  remote: https://rubygems.org/
  specs:
    daemons (1.1.9)
    eventmachine (1.0.3)
    faraday (0.8.8)
      multipart-post (~> 1.2.0)
    lita (2.7.1)
      bundler (>= 1.3)
      faraday (>= 0.8.7)
      multi_json (>= 1.7.7)
      rack (>= 1.5.2)
      redis-namespace (>= 1.3.0)
      thin (>= 1.5.1)
      thor (>= 0.18.1)
    lita-hipchat (1.2.1)
      lita (~> 2.5)
      xmpp4r (~> 0.5)
    mini_portile (0.5.2)
    multi_json (1.8.2)
    multipart-post (1.2.0)
    nokogiri (1.6.1)
      mini_portile (~> 0.5.0)
    rack (1.5.2)
    redis (3.0.6)
    redis-namespace (1.4.1)
      redis (~> 3.0.4)
    thin (1.6.1)
      daemons (>= 1.0.9)
      eventmachine (>= 1.0.0)
      rack (>= 1.0.0)
    thor (0.18.1)
    xmpp4r (0.5.5)

PLATFORMS
  ruby

DEPENDENCIES
  lita
  lita-hipchat
  lita-kevinbot (= 0.1)!
